GEM
  remote: http://rubygems.org/
  specs:
    Ascii85 (1.0.2)
    activemodel (5.0.2)
      activesupport (= 5.0.2)
    activesupport (5.0.2)
      concurrent-ruby (~> 1.0, >= 1.0.2)
      i18n (~> 0.7)
      minitest (~> 5.1)
      tzinfo (~> 1.1)
    afm (0.2.2)
    bson (4.2.1)
    concurrent-ruby (1.0.5)
    hashery (2.1.2)
    i18n (0.8.1)
    log4r (1.1.10)
    minitest (5.10.1)
    mongo (2.4.1)
      bson (>= 4.2.1, < 5.0.0)
    mongoid (6.1.0)
      activemodel (~> 5.0)
      mongo (>= 2.4.1, < 3.0.0)
    pdf-reader (2.0.0)
      Ascii85 (~> 1.0.0)
      afm (~> 0.2.1)
      hashery (~> 2.0)
      ruby-rc4
      ttfunk
    ruby-rc4 (0.1.5)
    thread_safe (0.3.6)
    trollop (2.1.2)
    ttfunk (1.5.0)
    tzinfo (1.2.3)
      thread_safe (~> 0.1)

PLATFORMS
  ruby

DEPENDENCIES
  concurrent-ruby (~> 1.0.5)
  log4r (~> 1.1.10)
  mongoid (~> 6.1.0)
  pdf-reader (~> 2.0.0)
  trollop (~> 2.1.2)
  tzinfo (~> 1.2.2)

BUNDLED WITH
   1.14.6
