GEM
  remote: http://rubygems.org/
  specs:
    bson (4.2.1)
    log4r (1.1.10)
    mongo (2.4.1)
      bson (>= 4.2.1, < 5.0.0)
    thread_safe (0.3.6)
    tzinfo (1.2.2)
      thread_safe (~> 0.1)

PLATFORMS
  ruby

DEPENDENCIES
  log4r (~> 1.1.10)
  mongo (~> 2.4.1)
  tzinfo (~> 1.2.2)

BUNDLED WITH
   1.13.1
