GEM
  remote: http://rubygems.org/
  specs:
    Ascii85 (1.0.2)
    afm (0.2.2)
    bson (4.2.1)
    hashery (2.1.2)
    log4r (1.1.10)
    mongo (2.4.1)
      bson (>= 4.2.1, < 5.0.0)
    pdf-reader (2.0.0)
      Ascii85 (~> 1.0.0)
      afm (~> 0.2.1)
      hashery (~> 2.0)
      ruby-rc4
      ttfunk
    ruby-rc4 (0.1.5)
    thread_safe (0.3.6)
    ttfunk (1.5.0)
    tzinfo (1.2.2)
      thread_safe (~> 0.1)

PLATFORMS
  ruby

DEPENDENCIES
  log4r (~> 1.1.10)
  mongo (~> 2.4.1)
  pdf-reader (~> 2.0.0)
  tzinfo (~> 1.2.2)
