GEM
  remote: http://rubygems.org/
  specs:
    Ascii85 (1.0.2)
    activemodel (4.2.8)
      activesupport (= 4.2.8)
      builder (~> 3.1)
    activesupport (4.2.8)
      i18n (~> 0.7)
      minitest (~> 5.1)
      thread_safe (~> 0.3, >= 0.3.4)
      tzinfo (~> 1.1)
    afm (0.2.2)
    bson (4.2.1)
    builder (3.2.3)
    concurrent-ruby (1.0.5)
    elasticsearch (5.0.4)
      elasticsearch-api (= 5.0.4)
      elasticsearch-transport (= 5.0.4)
    elasticsearch-api (5.0.4)
      multi_json
    elasticsearch-transport (5.0.4)
      faraday
      multi_json
    faraday (0.12.0.1)
      multipart-post (>= 1.2, < 3)
    hashery (2.1.2)
    i18n (0.8.1)
    log4r (1.1.10)
    minitest (5.10.1)
    mongo (2.4.1)
      bson (>= 4.2.1, < 5.0.0)
    mongoid (5.2.1)
      activemodel (~> 4.0)
      mongo (>= 2.4.1, < 3.0.0)
      origin (~> 2.3)
      tzinfo (>= 0.3.37)
    multi_json (1.12.1)
    multipart-post (2.0.0)
    origin (2.3.0)
    pdf-reader (2.0.0)
      Ascii85 (~> 1.0.0)
      afm (~> 0.2.1)
      hashery (~> 2.0)
      ruby-rc4
      ttfunk
    ruby-rc4 (0.1.5)
    thread_safe (0.3.6)
    trollop (2.1.2)
    ttfunk (1.5.0)
    tzinfo (1.2.3)
      thread_safe (~> 0.1)

PLATFORMS
  ruby

DEPENDENCIES
  concurrent-ruby (~> 1.0.5)
  elasticsearch (~> 5.0.4)
  log4r (~> 1.1.10)
  mongoid (~> 5.2.0)
  pdf-reader (~> 2.0.0)
  trollop (~> 2.1.2)
  tzinfo (~> 1.2.2)
